PATH
  remote: .
  specs:
    spud (0.1.0)

GEM
  remote: https://rubygems.org/
  specs:

PLATFORMS
  ruby

DEPENDENCIES
  spud!

BUNDLED WITH
   1.17.2
