PATH
  remote: .
  specs:
    spud (0.2.3)

GEM
  remote: https://rubygems.org/
  specs:
    byebug (11.0.1)
    coderay (1.1.3)
    diff-lcs (1.4.4)
    method_source (1.0.0)
    pry (0.13.1)
      coderay (~> 1.1)
      method_source (~> 1.0)
    rspec (3.10.0)
      rspec-core (~> 3.10.0)
      rspec-expectations (~> 3.10.0)
      rspec-mocks (~> 3.10.0)
    rspec-core (3.10.0)
      rspec-support (~> 3.10.0)
    rspec-expectations (3.10.0)
      diff-lcs (>= 1.2.0, < 2.0)
      rspec-support (~> 3.10.0)
    rspec-mocks (3.10.0)
      diff-lcs (>= 1.2.0, < 2.0)
      rspec-support (~> 3.10.0)
    rspec-support (3.10.0)
    sorbet (0.5.6100)
      sorbet-static (= 0.5.6100)
    sorbet-runtime (0.5.6100)
    sorbet-static (0.5.6100-universal-darwin-14)

PLATFORMS
  ruby

DEPENDENCIES
  byebug (~> 11.0)
  pry (~> 0.13.1)
  rspec (~> 3.0)
  sorbet (~> 0.5.6100)
  sorbet-runtime (~> 0.5.6100)
  spud!

BUNDLED WITH
   2.1.4
